GEM
  remote: https://rubygems.org/
  specs:
    csv (3.3.0)
    humanize (3.1.0)
    nokogiri (1.16.7-x86_64-linux)
      racc (~> 1.4)
    paru (1.4.0)
      csv (~> 3.3)
    racc (1.8.1)

PLATFORMS
  x86_64-linux

DEPENDENCIES
  humanize
  nokogiri
  paru

BUNDLED WITH
   2.5.11
