GEM
  remote: https://rubygems.org/
  specs:
    humanize (3.1.0)
    nokogiri (1.16.7-x86_64-linux)
      racc (~> 1.4)
    paru (1.3.1)
    racc (1.8.1)

PLATFORMS
  x86_64-linux

DEPENDENCIES
  humanize
  nokogiri
  paru

BUNDLED WITH
   2.5.11
