GEM
  remote: https://rubygems.org/
  specs:
    mini_portile2 (2.4.0)
    nokogiri (1.10.10)
      mini_portile2 (~> 2.4.0)
    paru (0.4.1.2)

PLATFORMS
  ruby

DEPENDENCIES
  nokogiri
  paru

BUNDLED WITH
   2.0.2
