GEM
  remote: https://rubygems.org/
  specs:
    csv (3.3.0)
    humanize (3.1.0)
    nokogiri (1.18.7-aarch64-linux-gnu)
      racc (~> 1.4)
    nokogiri (1.18.7-x86_64-linux-gnu)
      racc (~> 1.4)
    paru (1.4.1)
      csv (~> 3.3)
    racc (1.8.1)

PLATFORMS
  aarch64-linux
  x86_64-linux

DEPENDENCIES
  humanize
  nokogiri
  paru

BUNDLED WITH
   2.5.16
