GEM
  remote: https://rubygems.org/
  specs:
    humanize (3.0.0)
    nokogiri (1.16.2-x86_64-linux)
      racc (~> 1.4)
    paru (1.0.3)
    racc (1.7.3)

PLATFORMS
  x86_64-linux

DEPENDENCIES
  humanize
  nokogiri
  paru

BUNDLED WITH
   2.3.22
