GEM
  remote: https://rubygems.org/
  specs:
    humanize (2.5.1)
    mini_portile2 (2.7.1)
    nokogiri (1.13.1)
      mini_portile2 (~> 2.7.0)
      racc (~> 1.4)
    paru (0.4.3)
    racc (1.6.0)

PLATFORMS
  ruby

DEPENDENCIES
  humanize
  nokogiri
  paru

BUNDLED WITH
   2.1.4
