GEM
  remote: https://rubygems.org/
  specs:
    humanize (2.5.1)
    mini_portile2 (2.8.0)
    nokogiri (1.13.8)
      mini_portile2 (~> 2.8.0)
      racc (~> 1.4)
    paru (1.0.3)
    racc (1.6.0)

PLATFORMS
  ruby

DEPENDENCIES
  humanize
  nokogiri
  paru

BUNDLED WITH
   2.1.4
