GEM
  remote: https://rubygems.org/
  specs:
    humanize (2.5.0)
    mini_portile2 (2.5.1)
    nokogiri (1.11.4)
      mini_portile2 (~> 2.5.0)
      racc (~> 1.4)
    paru (0.4.1.2)
    racc (1.5.2)

PLATFORMS
  ruby

DEPENDENCIES
  humanize
  nokogiri
  paru

BUNDLED WITH
   2.1.4
