GEM
  remote: https://rubygems.org/
  specs:
    humanize (2.5.1)
    nokogiri (1.13.9-x86_64-linux)
      racc (~> 1.4)
    paru (1.0.3)
    racc (1.6.0)

PLATFORMS
  x86_64-linux

DEPENDENCIES
  humanize
  nokogiri
  paru

BUNDLED WITH
   2.3.22
